PATH
  remote: .
  specs:
    toto (0.4.9)
      builder
      coderay (= 0.9.8)
      rack
      rdiscount

GEM
  remote: http://rubygems.org/
  specs:
    builder (3.2.2)
    coderay (0.9.8)
    rack (1.5.2)
    rdiscount (2.1.6)
    riot (0.12.6)
      rr
    rr (1.1.1)

PLATFORMS
  ruby

DEPENDENCIES
  riot
  toto!
